PATH
  remote: .
  specs:
    my_tank_info (1.1.1)
      faraday (~> 2)

GEM
  remote: https://rubygems.org/
  specs:
    faraday (2.12.2)
      faraday-net_http (>= 2.0, < 3.5)
      json
      logger
    faraday-net_http (3.4.0)
      net-http (>= 0.5.0)
    json (2.9.1)
    logger (1.6.4)
    minitest (5.25.1)
    net-http (0.6.0)
      uri
    rake (13.2.1)
    uri (1.0.2)

PLATFORMS
  arm64-darwin-20
  arm64-darwin-22
  arm64-darwin-23
  arm64-darwin-24
  x86_64-linux

DEPENDENCIES
  minitest (~> 5.0)
  my_tank_info!
  rake (~> 13.0)

BUNDLED WITH
   2.5.23
